GEM
  remote: https://rubygems.org/
  specs:
    benchmark-ips (2.0.0)
    rubyvis (0.6.1)

PLATFORMS
  ruby

DEPENDENCIES
  benchmark-ips (~> 2.0.0)
  rubyvis (~> 0.6.0)
